PATH
  remote: .
  specs:
    simple_relevance (0.1.3)
      activesupport
      httparty

GEM
  remote: https://rubygems.org/
  specs:
    activesupport (7.0.3)
      concurrent-ruby (~> 1.0, >= 1.0.2)
      i18n (>= 1.6, < 2)
      minitest (>= 5.1)
      tzinfo (~> 2.0)
    addressable (2.3.6)
    coderay (1.1.0)
    concurrent-ruby (1.1.10)
    crack (0.4.2)
      safe_yaml (~> 1.0.0)
    diff-lcs (1.1.3)
    httparty (0.9.0)
      multi_json (~> 1.0)
      multi_xml
    i18n (1.10.0)
      concurrent-ruby (~> 1.0)
    method_source (0.8.2)
    minitest (5.16.0)
    multi_json (1.3.7)
    multi_xml (0.5.1)
    pry (0.9.12.6)
      coderay (~> 1.0)
      method_source (~> 0.8)
      slop (~> 3.4)
    pry-nav (0.2.3)
      pry (~> 0.9.10)
    rspec (2.11.0)
      rspec-core (~> 2.11.0)
      rspec-expectations (~> 2.11.0)
      rspec-mocks (~> 2.11.0)
    rspec-core (2.11.1)
    rspec-expectations (2.11.3)
      diff-lcs (~> 1.1.3)
    rspec-mocks (2.11.3)
    safe_yaml (1.0.3)
    slop (3.5.0)
    tzinfo (2.0.4)
      concurrent-ruby (~> 1.0)
    vcr (2.9.0)
    webmock (1.17.4)
      addressable (>= 2.2.7)
      crack (>= 0.3.2)

PLATFORMS
  ruby

DEPENDENCIES
  httparty
  pry
  pry-nav
  rspec
  simple_relevance!
  vcr
  webmock
